GEM
  remote: https://rubygems.org/
  specs:
    parallel (1.9.0)

PLATFORMS
  ruby

DEPENDENCIES
  parallel

BUNDLED WITH
   1.12.5
