GEM
  remote: https://rubygems.org/
  specs:
    aws-sdk-core (2.3.19)
      jmespath (~> 1.0)
    jmespath (1.2.4)
      json_pure (>= 1.8.1)
    json_pure (2.0.1)
    parallel (1.9.0)

PLATFORMS
  ruby

DEPENDENCIES
  aws-sdk-core
  parallel

BUNDLED WITH
   1.12.5
